GEM
  remote: http://rubygems.org/
  specs:
    chronic (0.10.2)
    faraday (0.9.1)
      multipart-post (>= 1.2, < 3)
    multi_json (1.10.1)
    multipart-post (2.0.0)
    rake (10.4.2)
    seatgeek (0.1.2)
      faraday
      multi_json
      rake
      yajl-ruby
    trollop (2.1.1)
    yajl-ruby (1.2.1)

PLATFORMS
  ruby

DEPENDENCIES
  chronic (~> 0.10.2)
  seatgeek (~> 0.1.2)
  trollop (~> 2.1.1)
